GEM
  remote: https://rubygems.org/
  specs:
    curb (0.8.8)
    daemons (1.2.3)
    eventmachine (1.0.8)
    rack (1.6.4)
    thin (1.6.4)
      daemons (~> 1.0, >= 1.0.9)
      eventmachine (~> 1.0, >= 1.0.4)
      rack (~> 1.0)

PLATFORMS
  ruby

DEPENDENCIES
  curb
  rack
  thin

BUNDLED WITH
   1.10.6
