GEM
  remote: https://rubygems.org/
  specs:
    daemons (1.2.3)
    eventmachine (1.0.8)
    httparty (0.13.7)
      json (~> 1.8)
      multi_xml (>= 0.5.2)
    json (1.8.3)
    kisi-client (0.1.0)
      httparty (~> 0.13.7)
    multi_xml (0.5.5)
    rack (1.6.4)
    thin (1.6.4)
      daemons (~> 1.0, >= 1.0.9)
      eventmachine (~> 1.0, >= 1.0.4)
      rack (~> 1.0)

PLATFORMS
  ruby

DEPENDENCIES
  kisi-client
  rack
  thin

BUNDLED WITH
   1.10.6
