GEM
  remote: https://rubygems.org/
  specs:
    curb (0.8.8)
    rack (1.6.4)

PLATFORMS
  ruby

DEPENDENCIES
  curb
  rack

BUNDLED WITH
   1.10.6
